GEM
  remote: https://rubygems.org/
  specs:
    ansi (1.4.2)
    ffi (1.0.11)
    growl (1.0.3)
    guard (1.0.1)
      ffi (>= 0.5.0)
      thor (~> 0.14.6)
    guard-minitest (0.5.0)
      guard (>= 0.4)
    minitest (2.12.1)
    thor (0.14.6)
    turn (0.9.5)
      ansi

PLATFORMS
  ruby

DEPENDENCIES
  growl
  guard-minitest
  minitest
  turn
